GEM
  remote: https://rubygems.org/
  specs:
    commonjs (0.2.7)
    git (1.2.7)
    github-markup (1.2.1)
      posix-spawn (~> 0.3.8)
    less (2.6.0)
      commonjs (~> 0.2.7)
    posix-spawn (0.3.8)
    rack (1.5.2)
    rack-protection (1.5.3)
      rack
    rack-test (0.6.2)
      rack (>= 1.0)
    rdiscount (2.1.7.1)
    sinatra (1.4.5)
      rack (~> 1.4)
      rack-protection (~> 1.4)
      tilt (~> 1.3, >= 1.3.4)
    tilt (1.4.1)

PLATFORMS
  ruby

DEPENDENCIES
  git
  github-markup
  less
  rack-test
  rdiscount
  sinatra
